PATH
  remote: .
  specs:
    formtastic (2.0.1)
      actionpack (~> 3.0)

GEM
  remote: http://rubygems.org/
  specs:
    BlueCloth (1.0.1)
    actionpack (3.1.3)
      activemodel (= 3.1.3)
      activesupport (= 3.1.3)
      builder (~> 3.0.0)
      erubis (~> 2.7.0)
      i18n (~> 0.6)
      rack (~> 1.3.5)
      rack-cache (~> 1.1)
      rack-mount (~> 0.8.2)
      rack-test (~> 0.6.1)
      sprockets (~> 2.0.3)
    activemodel (3.1.3)
      activesupport (= 3.1.3)
      builder (~> 3.0.0)
      i18n (~> 0.6)
    activesupport (3.1.3)
      multi_json (~> 1.0)
    ammeter (0.1.3)
      activesupport (~> 3.0)
      railties (~> 3.0)
      rspec (~> 2.2)
      rspec-rails (~> 2.2)
    builder (3.0.0)
    colored (1.2)
    diff-lcs (1.1.3)
    erubis (2.7.0)
    hike (1.2.1)
    hpricot (0.8.5)
    i18n (0.6.0)
    json (1.6.3)
    multi_json (1.0.4)
    nokogiri (1.5.0)
    rack (1.3.5)
    rack-cache (1.1)
      rack (>= 0.4)
    rack-mount (0.8.3)
      rack (>= 1.0.0)
    rack-ssl (1.3.2)
      rack
    rack-test (0.6.1)
      rack (>= 1.0)
    railties (3.1.3)
      actionpack (= 3.1.3)
      activesupport (= 3.1.3)
      rack-ssl (~> 1.3.2)
      rake (>= 0.8.7)
      rdoc (~> 3.4)
      thor (~> 0.14.6)
    rake (0.8.7)
    rcov (0.9.11)
    rdoc (3.12)
      json (~> 1.4)
    rspec (2.7.0)
      rspec-core (~> 2.7.0)
      rspec-expectations (~> 2.7.0)
      rspec-mocks (~> 2.7.0)
    rspec-core (2.7.1)
    rspec-expectations (2.7.0)
      diff-lcs (~> 1.1.2)
    rspec-mocks (2.7.0)
    rspec-rails (2.7.0)
      actionpack (~> 3.0)
      activesupport (~> 3.0)
      railties (~> 3.0)
      rspec (~> 2.7.0)
    rspec_tag_matchers (1.0.0)
      nokogiri (>= 1.4.0)
      rspec-rails (>= 1.2.6)
    sprockets (2.0.3)
      hike (~> 1.2)
      rack (~> 1.0)
      tilt (~> 1.1, != 1.3.0)
    thor (0.14.6)
    tilt (1.3.3)
    tzinfo (0.3.31)
    yard (0.7.4)

PLATFORMS
  ruby

DEPENDENCIES
  BlueCloth
  ammeter (~> 0.1.2)
  colored
  formtastic!
  hpricot (~> 0.8.3)
  rake (< 0.9)
  rcov (~> 0.9.9)
  rspec-rails (~> 2.5)
  rspec_tag_matchers (>= 1.0.0)
  tzinfo
  yard (~> 0.6)
